{
  "AcquisitionMatrixPE": 240,
  "AcquisitionNumber": 1,
  "AcquisitionTime": "16:59:58.135000",
  "BaseResolution": 256,
  "BodyPartExamined": "BRAIN",
  "CoilCombinationMethod": "Adaptive Combine",
  "ConsistencyInfo": "N4_VE11C_LATEST_20160120",
  "ConversionSoftware": "dcm2niix",
  "ConversionSoftwareVersion": "v1.0.20220720",
  "DeviceSerialNumber": "66019",
  "DwellTime": 8.2e-06,
  "EchoTime": 0.0029,
  "FlipAngle": 9,
  "HeudiconvVersion": "1.0.1",
  "ImageOrientationPatientDICOM": [0, 0.963677, -0.26707, 0, -0.26707, -0.963677],
  "ImageOrientationText": "Sag",
  "ImageType": [
    "ORIGINAL",
    "PRIMARY",
    "M",
    "ND",
    "NORM"
],
  "ImagingFrequency": 123.257,
  "InPlanePhaseEncodingDirectionDICOM": "ROW",
  "InstitutionAddress": "3-8-1 Komaba Meguro .,.,Tokyo,JP,.",
  "InstitutionName": "The University of Tokyo Graduate school of Arts and  Sciences",
  "InstitutionalDepartmentName": "Department",
  "InversionTime": 0.9,
  "MRAcquisitionType": "3D",
  "MagneticFieldStrength": 3,
  "Manufacturer": "Siemens",
  "ManufacturersModelName": "Prisma",
  "MatrixCoilMode": "GRAPPA",
  "Modality": "MR",
  "NonlinearGradientCorrection": false,
  "ParallelReductionFactorInPlane": 2,
  "PartialFourier": 1,
  "PatientPosition": "HFS",
  "PercentPhaseFOV": 93.75,
  "PercentSampling": 100,
  "PhaseEncodingSteps": 239,
  "PhaseResolution": 1,
  "PixelBandwidth": 240,
  "ProcedureStepDescription": "acrodis^asamizuya",
  "ProtocolName": "MPRAGE",
  "PulseSequenceDetails": "%SiemensSeq%\\tfl",
  "ReceiveCoilActiveElements": "HC1-7",
  "ReceiveCoilName": "HeadNeck_64",
  "ReconMatrixPE": 240,
  "RefLinesPE": 40,
  "RepetitionTime": 2,
  "SAR": 0.0619211,
  "ScanOptions": "IR",
  "ScanningSequence": "GR\\IR",
  "SequenceName": "*tfl3d1_16ns",
  "SequenceVariant": "SK\\SP\\MP",
  "SeriesDescription": "MPRAGE",
  "SeriesNumber": 2,
  "ShimSetting": [3584, -7854, -2137, 319, 41, -83, -69, 35],
  "SliceThickness": 0.96,
  "SoftwareVersions": "syngo MR E11",
  "SpoilingState": true,
  "StationName": "AWP66019",
  "TxRefAmp": 235.662,
  "dcmmeta_affine": [
    [0.9600000381469727, 0.0, 0.0, -84.60240936279297],
    [0.0, 0.9636770486831665, -0.2670702338218689, -77.74760437011719],
    [0.0, 0.2670702338218689, 0.9636770486831665, -130.07196044921875],
    [0.0, 0.0, 0.0, 1.0]
],
  "dcmmeta_reorient_transform": [
    [0.0, 0.0, -1.0, 255.0],
    [0.0, -1.0, 0.0, 239.0],
    [-1.0, 0.0, 0.0, 175.0],
    [0.0, 0.0, 0.0, 1.0]
],
  "dcmmeta_shape": [176, 240, 256],
  "dcmmeta_slice_dim": 0,
  "dcmmeta_version": 0.6,
  "global": {
    "const": {
      "AcquisitionMatrix": [0, 256, 240, 0],
      "AcquisitionNumber": 1,
      "AcquisitionTime": "165958.135000",
      "AngioFlag": "N",
      "BitsAllocated": 16,
      "BitsStored": 12,
      "BodyPartExamined": "BRAIN",
      "Columns": 240,
      "DeidentificationMethodCodeSequence": [
        {
          "CodeMeaning": "XNAT DicomEdit 4 Script",
          "CodeValue": "1",
          "CodingSchemeDesignator": "XNAT",
          "CodingSchemeVersion": "1.0"}
],
      "EchoNumbers": 1,
      "EchoTime": 2.9,
      "EchoTrainLength": 1,
      "FlipAngle": 9.0,
      "HighBit": 11,
      "ImageOrientationPatient": [0.0, 0.9636770653275, -0.2670702412508, 0.0, -0.2670702412508, -0.9636770653275],
      "ImageType": [
        "ORIGINAL",
        "PRIMARY",
        "M",
        "ND",
        "NORM"
],
      "ImagedNucleus": "1H",
      "ImagingFrequency": 123.257406,
      "InPlanePhaseEncodingDirection": "ROW",
      "InversionTime": 900.0,
      "MRAcquisitionType": "3D",
      "MagneticFieldStrength": 3.0,
      "Manufacturer": "SIEMENS",
      "ManufacturerModelName": "Prisma",
      "Modality": "MR",
      "NumberOfAverages": 1.0,
      "NumberOfPhaseEncodingSteps": 239,
      "PercentPhaseFieldOfView": 93.75,
      "PercentSampling": 100.0,
      "PerformedProcedureStepStartTime": "165314.726000",
      "PhotometricInterpretation": "MONOCHROME2",
      "PixelBandwidth": 240.0,
      "PixelRepresentation": 0,
      "PixelSpacing": [1.0, 1.0],
      "ProtocolName": "MPRAGE",
      "RepetitionTime": 2000.0,
      "Rows": 256,
      "SAR": 0.06192105822645,
      "SamplesPerPixel": 1,
      "ScanOptions": "IR",
      "ScanningSequence": [
        "GR",
        "IR"
],
      "SequenceName": "*tfl3d1_16ns",
      "SequenceVariant": [
        "SK",
        "SP",
        "MP"
],
      "SeriesDescription": "MPRAGE",
      "SeriesNumber": 2,
      "SeriesTime": "170450.968000",
      "SliceThickness": 0.96000003814697,
      "SmallestImagePixelValue": 0,
      "SoftwareVersions": "syngo MR E11",
      "SpecificCharacterSet": "ISO_IR 13",
      "StudyID": "2",
      "StudyTime": "165314.647000",
      "TransmitCoilName": "Body",
      "VariableFlipAngleFlag": "N",
      "WindowCenterWidthExplanation": "Algo1",
      "dBdt": 0.0},
